GEM
  remote: http://rubygems.org/
  specs:
    annoy (0.5.6)
      highline (>= 1.5.0)
    archive-tar-minitar (0.5.2)
    bluecloth (2.2.0)
    columnize (0.3.4)
    diff-lcs (1.1.3)
    drydock (0.6.9)
    git (1.2.5)
    highline (1.6.1)
    jeweler (1.6.0)
      bundler (~> 1.0.0)
      git (>= 1.2.5)
      rake
    linecache (0.46)
      rbx-require-relative (> 0.0.4)
    linecache19 (0.5.12)
      ruby_core_source (>= 0.1.4)
    multi_json (1.0.3)
    net-scp (1.0.4)
      net-ssh (>= 1.99.1)
    net-ssh (2.1.4)
    rake (0.8.7)
    rbx-require-relative (0.0.5)
    rcov (0.9.9)
    rspec (2.7.0)
      rspec-core (~> 2.7.0)
      rspec-expectations (~> 2.7.0)
      rspec-mocks (~> 2.7.0)
    rspec-core (2.7.1)
    rspec-expectations (2.7.0)
      diff-lcs (~> 1.1.2)
    rspec-mocks (2.7.0)
    ruby-debug (0.10.4)
      columnize (>= 0.1)
      ruby-debug-base (~> 0.10.4.0)
    ruby-debug-base (0.10.4)
      linecache (>= 0.3)
    ruby-debug-base19 (0.11.25)
      columnize (>= 0.3.1)
      linecache19 (>= 0.5.11)
      ruby_core_source (>= 0.1.4)
    ruby-debug19 (0.11.6)
      columnize (>= 0.3.1)
      linecache19 (>= 0.5.11)
      ruby-debug-base19 (>= 0.11.19)
    ruby_core_source (0.1.5)
      archive-tar-minitar (>= 0.5.2)
    rye (0.9.4)
      annoy
      highline (>= 1.5.1)
      net-scp (>= 1.0.2)
      net-ssh (>= 2.0.13)
      sysinfo (>= 0.7.3)
    simplecov (0.5.4)
      multi_json (~> 1.0.3)
      simplecov-html (~> 0.5.3)
    simplecov-html (0.5.3)
    storable (0.8.7)
    sysinfo (0.7.3)
      drydock
      storable
    yard (0.7.2)

PLATFORMS
  ruby

DEPENDENCIES
  archive-tar-minitar (~> 0.5.0)
  bluecloth (~> 2.2.0)
  jeweler (~> 1.6.0)
  rake
  rcov
  rspec (~> 2.7.0)
  ruby-debug
  ruby-debug19
  rye (~> 0.9.0)
  simplecov
  yard (~> 0.7.0)
