GEM
  remote: http://rubygems.org/
  specs:
    annoy (0.5.6)
      highline (>= 1.5.0)
    archive-tar-minitar (0.5.2)
    bluecloth (2.2.0)
    columnize (0.3.4)
    debugger (1.1.4)
      columnize (>= 0.3.1)
      debugger-linecache (~> 1.1.1)
      debugger-ruby_core_source (~> 1.1.3)
    debugger-linecache (1.1.1)
      debugger-ruby_core_source (>= 1.1.1)
    debugger-ruby_core_source (1.1.3)
    diff-lcs (1.1.3)
    drydock (0.6.9)
    git (1.2.5)
    highline (1.6.1)
    jeweler (1.8.3)
      bundler (~> 1.0)
      git (>= 1.2.5)
      rake
      rdoc
    json (1.7.3)
    linecache (0.46)
      rbx-require-relative (> 0.0.4)
    multi_json (1.0.3)
    net-scp (1.0.4)
      net-ssh (>= 1.99.1)
    net-ssh (2.1.4)
    rake (0.8.7)
    rbx-require-relative (0.0.5)
    rcov (0.9.9)
    rdoc (3.12)
      json (~> 1.4)
    rspec (2.10.0)
      rspec-core (~> 2.10.0)
      rspec-expectations (~> 2.10.0)
      rspec-mocks (~> 2.10.0)
    rspec-core (2.10.1)
    rspec-expectations (2.10.0)
      diff-lcs (~> 1.1.3)
    rspec-mocks (2.10.1)
    ruby-debug (0.10.4)
      columnize (>= 0.1)
      ruby-debug-base (~> 0.10.4.0)
    ruby-debug-base (0.10.4)
      linecache (>= 0.3)
    rye (0.9.4)
      annoy
      highline (>= 1.5.1)
      net-scp (>= 1.0.2)
      net-ssh (>= 2.0.13)
      sysinfo (>= 0.7.3)
    simplecov (0.5.4)
      multi_json (~> 1.0.3)
      simplecov-html (~> 0.5.3)
    simplecov-html (0.5.3)
    storable (0.8.7)
    sysinfo (0.7.3)
      drydock
      storable
    yard (0.8.2.1)

PLATFORMS
  ruby

DEPENDENCIES
  archive-tar-minitar (~> 0.5.0)
  bluecloth (~> 2.2.0)
  debugger
  debugger-ruby_core_source
  jeweler (~> 1.8.0)
  rake
  rcov
  rspec (~> 2.10.0)
  ruby-debug
  rye (~> 0.9.0)
  simplecov
  yard (~> 0.8.0)
